PATH
  remote: .
  specs:
    play (0.0.8)
      SystemTimer
      activerecord
      bundler
      fssm
      mustache (= 0.99.3)
      mysql2 (~> 0.3.7)
      oa-oauth
      rack (~> 1.3.0)
      rb-fsevent
      ruby-audioinfo
      sinatra
      sqlite3
      yajl-ruby

GEM
  remote: http://rubygems.org/
  specs:
    SystemTimer (1.2.3)
    activemodel (3.1.1)
      activesupport (= 3.1.1)
      builder (~> 3.0.0)
      i18n (~> 0.6)
    activerecord (3.1.1)
      activemodel (= 3.1.1)
      activesupport (= 3.1.1)
      arel (~> 2.2.1)
      tzinfo (~> 0.3.29)
    activesupport (3.1.1)
      multi_json (~> 1.0)
    addressable (2.2.6)
    apetag (1.1.2)
      cicphash (>= 1.0.0)
    arel (2.2.1)
    builder (3.0.0)
    cicphash (1.0.0)
    faraday (0.7.5)
      addressable (~> 2.2.6)
      multipart-post (~> 1.1.3)
      rack (>= 1.1.0, < 2)
    flacinfo-rb (0.4)
    fssm (0.2.7)
    i18n (0.6.0)
    metaclass (0.0.1)
    mocha (0.10.0)
      metaclass (~> 0.0.1)
    mp4info (1.7.3)
    multi_json (1.0.3)
    multi_xml (0.4.1)
    multipart-post (1.1.3)
    mustache (0.99.3)
    mysql2 (0.3.7)
    oa-core (0.3.2)
    oa-oauth (0.3.2)
      faraday (~> 0.7.3)
      multi_json (~> 1.0.0)
      multi_xml (~> 0.4.0)
      oa-core (= 0.3.2)
      oauth (~> 0.4.0)
      oauth2 (~> 0.5.0)
    oauth (0.4.5)
    oauth2 (0.5.1)
      faraday (~> 0.7.4)
      multi_json (~> 1.0.3)
    rack (1.3.5)
    rack-protection (1.1.4)
      rack
    rb-fsevent (0.4.3.1)
    ruby-audioinfo (0.1.7)
      apetag (= 1.1.2)
      flacinfo-rb (>= 0.4)
      mp4info (>= 1.7.3)
      ruby-mp3info (>= 0.6.3)
      ruby-ogginfo (>= 0.3.1)
      wmainfo-rb (>= 0.5)
    ruby-mp3info (0.6.15)
    ruby-ogginfo (0.6.5)
    running_man (0.3.0)
    sinatra (1.3.1)
      rack (~> 1.3, >= 1.3.4)
      rack-protection (~> 1.1, >= 1.1.2)
      tilt (~> 1.3, >= 1.3.3)
    sqlite3 (1.3.4)
    tilt (1.3.3)
    tzinfo (0.3.30)
    wmainfo-rb (0.6)
    yajl-ruby (1.0.0)

PLATFORMS
  ruby

DEPENDENCIES
  mocha
  play!
  running_man
