GIT
  remote: https://github.com/play/library
  revision: c8cc719b4c03aa5d39cea6ddad540dc5ba37ec8b
  specs:
    library (0)

GEM
  remote: http://rubygems.org/
  specs:

PLATFORMS
  ruby

DEPENDENCIES
  library (= 0)!
