PATH
  remote: .
  specs:
    play (0.0.7)
      SystemTimer
      activerecord
      bundler
      fssm
      mustache (= 0.99.3)
      mysql2
      oa-oauth
      rack (~> 1.2.2)
      rb-fsevent
      ruby-audioinfo
      sinatra
      sqlite3
      yajl-ruby

GEM
  remote: http://rubygems.org/
  specs:
    SystemTimer (1.2.3)
    activemodel (3.0.7)
      activesupport (= 3.0.7)
      builder (~> 2.1.2)
      i18n (~> 0.5.0)
    activerecord (3.0.7)
      activemodel (= 3.0.7)
      activesupport (= 3.0.7)
      arel (~> 2.0.2)
      tzinfo (~> 0.3.23)
    activesupport (3.0.7)
    addressable (2.2.5)
    apetag (1.1.2)
      cicphash (>= 1.0.0)
    arel (2.0.10)
    builder (2.1.2)
    cicphash (1.0.0)
    faraday (0.6.1)
      addressable (~> 2.2.4)
      multipart-post (~> 1.1.0)
      rack (< 2, >= 1.1.0)
    flacinfo-rb (0.4)
    fssm (0.2.7)
    i18n (0.5.0)
    mocha (0.9.12)
    mp4info (1.7.3)
    multi_json (1.0.1)
    multi_xml (0.2.2)
    multipart-post (1.1.0)
    mustache (0.99.3)
    mysql2 (0.2.7)
    oa-core (0.2.6)
    oa-oauth (0.2.6)
      faraday (~> 0.6.1)
      multi_json (~> 1.0.0)
      multi_xml (~> 0.2.2)
      oa-core (= 0.2.6)
      oauth (~> 0.4.0)
      oauth2 (~> 0.4.1)
    oauth (0.4.4)
    oauth2 (0.4.1)
      faraday (~> 0.6.1)
      multi_json (>= 0.0.5)
    rack (1.2.3)
    rb-fsevent (0.4.0)
    ruby-audioinfo (0.1.7)
      apetag (= 1.1.2)
      flacinfo-rb (>= 0.4)
      mp4info (>= 1.7.3)
      ruby-mp3info (>= 0.6.3)
      ruby-ogginfo (>= 0.3.1)
      wmainfo-rb (>= 0.5)
    ruby-mp3info (0.6.13)
    ruby-ogginfo (0.6.5)
    running_man (0.2.1)
    sinatra (1.2.6)
      rack (~> 1.1)
      tilt (< 2.0, >= 1.2.2)
    sqlite3 (1.3.3)
    tilt (1.3.2)
    tzinfo (0.3.27)
    wmainfo-rb (0.6)
    yajl-ruby (0.8.2)

PLATFORMS
  ruby

DEPENDENCIES
  mocha
  play!
  running_man
